PATH
  remote: .
  specs:
    tallyable (0.0.2)
      nokogiri

GEM
  remote: http://rubygems.org/
  specs:
    addressable (2.3.6)
    crack (0.4.2)
      safe_yaml (~> 1.0.0)
    mini_portile (0.6.0)
    minitest (5.4.0)
    nokogiri (1.6.3.1)
      mini_portile (= 0.6.0)
    rake (10.1.0)
    safe_yaml (1.0.3)
    webmock (1.18.0)
      addressable (>= 2.3.6)
      crack (>= 0.3.2)

PLATFORMS
  ruby

DEPENDENCIES
  minitest
  rake
  tallyable!
  webmock
